PATH
  remote: .
  specs:
    ruby-terraform (0.51.0.pre.1)
      lino (~> 1.1)

GEM
  remote: https://rubygems.org/
  specs:
    concurrent-ruby (1.1.6)
    diff-lcs (1.3)
    excon (0.72.0)
    gem-release (2.1.1)
    hamster (3.0.0)
      concurrent-ruby (~> 1.0)
    lino (1.1.0)
      hamster (~> 3.0)
      open4 (~> 1.3)
    open4 (1.3.4)
    rake (13.0.1)
    rspec (3.9.0)
      rspec-core (~> 3.9.0)
      rspec-expectations (~> 3.9.0)
      rspec-mocks (~> 3.9.0)
    rspec-core (3.9.1)
      rspec-support (~> 3.9.1)
    rspec-expectations (3.9.0)
      diff-lcs (>= 1.2.0, < 2.0)
      rspec-support (~> 3.9.0)
    rspec-mocks (3.9.1)
      diff-lcs (>= 1.2.0, < 2.0)
      rspec-support (~> 3.9.0)
    rspec-support (3.9.2)

PLATFORMS
  ruby

DEPENDENCIES
  bundler (~> 2.0)
  excon (~> 0.72)
  gem-release (~> 2.1)
  rake (~> 13.0)
  rspec (~> 3.9)
  ruby-terraform!

BUNDLED WITH
   2.1.4
